GEM
  remote: https://rubygems.org/
  specs:
    power_assert (1.1.3)
    test-unit (3.2.8)
      power_assert

PLATFORMS
  ruby
  x64-mingw32

DEPENDENCIES
  test-unit

RUBY VERSION
   ruby 2.5.5p157

BUNDLED WITH
   1.16.2
